PATH
  remote: .
  specs:
    umu (0.1.0)

GEM
  remote: https://rubygems.org/
  specs:
    minitest (5.13.0)
    rake (13.0.1)

PLATFORMS
  ruby
  x86_64-darwin-16

DEPENDENCIES
  minitest (~> 5.0)
  rake (~> 13.0)
  umu!

BUNDLED WITH
   2.2.25
